PATH
  remote: .
  specs:
    webpacker-react (0.4.0)
      webpacker

GEM
  remote: https://rubygems.org/
  specs:
    actioncable (5.1.5)
      actionpack (= 5.1.5)
      nio4r (~> 2.0)
      websocket-driver (~> 0.6.1)
    actionmailer (5.1.5)
      actionpack (= 5.1.5)
      actionview (= 5.1.5)
      activejob (= 5.1.5)
      mail (~> 2.5, >= 2.5.4)
      rails-dom-testing (~> 2.0)
    actionpack (5.1.5)
      actionview (= 5.1.5)
      activesupport (= 5.1.5)
      rack (~> 2.0)
      rack-test (>= 0.6.3)
      rails-dom-testing (~> 2.0)
      rails-html-sanitizer (~> 1.0, >= 1.0.2)
    actionview (5.1.5)
      activesupport (= 5.1.5)
      builder (~> 3.1)
      erubi (~> 1.4)
      rails-dom-testing (~> 2.0)
      rails-html-sanitizer (~> 1.0, >= 1.0.3)
    activejob (5.1.5)
      activesupport (= 5.1.5)
      globalid (>= 0.3.6)
    activemodel (5.1.5)
      activesupport (= 5.1.5)
    activerecord (5.1.5)
      activemodel (= 5.1.5)
      activesupport (= 5.1.5)
      arel (~> 8.0)
    activesupport (5.1.5)
      concurrent-ruby (~> 1.0, >= 1.0.2)
      i18n (~> 0.7)
      minitest (~> 5.1)
      tzinfo (~> 1.1)
    addressable (2.5.2)
      public_suffix (>= 2.0.2, < 4.0)
    arel (8.0.0)
    ast (2.4.0)
    builder (3.2.3)
    capybara (2.18.0)
      addressable
      mini_mime (>= 0.1.3)
      nokogiri (>= 1.3.3)
      rack (>= 1.0.0)
      rack-test (>= 0.5.4)
      xpath (>= 2.0, < 4.0)
    childprocess (0.8.0)
      ffi (~> 1.0, >= 1.0.11)
    concurrent-ruby (1.0.5)
    crass (1.0.4)
    erubi (1.7.0)
    ffi (1.9.23)
    globalid (0.4.1)
      activesupport (>= 4.2.0)
    i18n (0.9.5)
      concurrent-ruby (~> 1.0)
    loofah (2.2.3)
      crass (~> 1.0.2)
      nokogiri (>= 1.5.9)
    mail (2.7.0)
      mini_mime (>= 0.1.1)
    method_source (0.9.0)
    mini_mime (1.0.0)
    mini_portile2 (2.1.0)
    minitest (5.11.3)
    multi_json (1.13.1)
    nio4r (2.2.0)
    nokogiri (1.6.8.1)
      mini_portile2 (~> 2.1.0)
    parallel (1.12.1)
    parser (2.5.0.2)
      ast (~> 2.4.0)
    powerpack (0.1.1)
    public_suffix (3.0.2)
    rack (2.0.4)
    rack-test (0.8.2)
      rack (>= 1.0, < 3)
    rails (5.1.5)
      actioncable (= 5.1.5)
      actionmailer (= 5.1.5)
      actionpack (= 5.1.5)
      actionview (= 5.1.5)
      activejob (= 5.1.5)
      activemodel (= 5.1.5)
      activerecord (= 5.1.5)
      activesupport (= 5.1.5)
      bundler (>= 1.3.0)
      railties (= 5.1.5)
      sprockets-rails (>= 2.0.0)
    rails-dom-testing (2.0.3)
      activesupport (>= 4.2.0)
      nokogiri (>= 1.6)
    rails-html-sanitizer (1.0.4)
      loofah (~> 2.2, >= 2.2.2)
    railties (5.1.5)
      actionpack (= 5.1.5)
      activesupport (= 5.1.5)
      method_source
      rake (>= 0.8.7)
      thor (>= 0.18.1, < 2.0)
    rainbow (3.0.0)
    rake (10.5.0)
    rubocop (0.52.1)
      parallel (~> 1.10)
      parser (>= 2.4.0.2, < 3.0)
      powerpack (~> 0.1)
      rainbow (>= 2.2.2, < 4.0)
      ruby-progressbar (~> 1.7)
      unicode-display_width (~> 1.0, >= 1.0.1)
    ruby-progressbar (1.9.0)
    rubyzip (1.2.1)
    selenium-webdriver (3.9.0)
      childprocess (~> 0.5)
      rubyzip (~> 1.2)
    sprockets (3.7.1)
      concurrent-ruby (~> 1.0)
      rack (> 1, < 3)
    sprockets-rails (3.2.1)
      actionpack (>= 4.0)
      activesupport (>= 4.0)
      sprockets (>= 3.0.0)
    thor (0.20.0)
    thread_safe (0.3.6)
    tzinfo (1.2.5)
      thread_safe (~> 0.1)
    unicode-display_width (1.3.0)
    webpacker (2.0)
      activesupport (>= 4.2)
      multi_json (~> 1.2)
      railties (>= 4.2)
    websocket-driver (0.6.5)
      websocket-extensions (>= 0.1.0)
    websocket-extensions (0.1.3)
    xpath (2.1.0)
      nokogiri (~> 1.3)

PLATFORMS
  ruby

DEPENDENCIES
  bundler (~> 1.13)
  capybara
  minitest (~> 5.0)
  rails (~> 5.1.1)
  rake (~> 10.0)
  rubocop (>= 0.47)
  selenium-webdriver
  webpacker (~> 2.0.0)
  webpacker-react!

BUNDLED WITH
   1.16.1
